GEM
  remote: https://rubygems.org/
  specs:
    multi_json (1.15.0)
    mustermann (1.1.1)
      ruby2_keywords (~> 0.0.1)
    pandoc (0.0.1)
    pandoc-ruby (2.0.2)
    rack (2.2.3)
    rack-protection (2.2.0)
      rack
    redcarpet (3.5.0)
    ruby2_keywords (0.0.5)
    sinatra (2.2.0)
      mustermann (~> 1.0)
      rack (~> 2.2)
      rack-protection (= 2.2.0)
      tilt (~> 2.0)
    sinatra-contrib (2.2.0)
      multi_json
      mustermann (~> 1.0)
      rack-protection (= 2.2.0)
      sinatra (= 2.2.0)
      tilt (~> 2.0)
    tilt (2.0.10)

PLATFORMS
  ruby

DEPENDENCIES
  pandoc
  pandoc-ruby
  redcarpet
  sinatra (~> 2.2)
  sinatra-contrib

BUNDLED WITH
   2.1.4
